GEM
  remote: http://rubygems.org/
  specs:
    coffee-script (2.2.0)
      coffee-script-source
      execjs
    coffee-script-source (1.2.0)
    erubis (2.7.0)
    execjs (1.3.0)
      multi_json (~> 1.0)
    hike (1.2.1)
    multi_json (1.0.4)
    rack (1.3.3)
    rack-protection (1.2.0)
      rack
    rake (0.9.2)
    sass (3.1.7)
    sinatra (1.3.0)
      rack (~> 1.3)
      rack-protection (~> 1.1)
      tilt (~> 1.3)
    sprockets (2.0.0)
      hike (~> 1.2)
      rack (~> 1.0)
      tilt (~> 1.1, != 1.3.0)
    tilt (1.3.3)
    uglifier (1.2.3)
      execjs (>= 0.3.0)
      multi_json (>= 1.0.2)
    yui-compressor (0.9.1)

PLATFORMS
  ruby

DEPENDENCIES
  coffee-script (~> 2.2)
  erubis
  rake
  sass (~> 3.1)
  sinatra
  sprockets (~> 2.0)
  uglifier (~> 1.0)
  yui-compressor
